PATH
  remote: .
  specs:
    robots_dilemma (0.1.0)

GEM
  remote: https://rubygems.org/
  specs:
    ast (2.4.2)
    minitest (5.15.0)
    parallel (1.21.0)
    parser (3.0.3.2)
      ast (~> 2.4.1)
    pastel (0.8.0)
      tty-color (~> 0.5)
    rainbow (3.0.0)
    rake (13.0.6)
    regexp_parser (2.2.0)
    rexml (3.2.5)
    rubocop (1.24.0)
      parallel (~> 1.10)
      parser (>= 3.0.0.0)
      rainbow (>= 2.2.2, < 4.0)
      regexp_parser (>= 1.8, < 3.0)
      rexml
      rubocop-ast (>= 1.15.0, < 2.0)
      ruby-progressbar (~> 1.7)
      unicode-display_width (>= 1.4.0, < 3.0)
    rubocop-ast (1.15.0)
      parser (>= 3.0.1.1)
    ruby-progressbar (1.11.0)
    tty-color (0.6.0)
    tty-cursor (0.7.1)
    tty-prompt (0.23.1)
      pastel (~> 0.8)
      tty-reader (~> 0.8)
    tty-reader (0.9.0)
      tty-cursor (~> 0.7)
      tty-screen (~> 0.8)
      wisper (~> 2.0)
    tty-screen (0.8.1)
    unicode-display_width (2.1.0)
    wisper (2.0.1)

PLATFORMS
  ruby
  x86_64-linux

DEPENDENCIES
  minitest (~> 5.0)
  rake (~> 13.0)
  robots_dilemma!
  rubocop (~> 1.7)
  tty-prompt

BUNDLED WITH
   2.2.22
